NUGET
  remote: https://nuget.org/api/v2
  specs:
    FAKE (3.35.2)
    FSharp.Compiler.Service (0.0.90)
    FSharp.Formatting (2.9.8)
      FSharp.Compiler.Service (>= 0.0.87)
      FSharpVSPowerTools.Core (1.8.0)
    FSharpVSPowerTools.Core (1.8.0)
      FSharp.Compiler.Service (>= 0.0.87)
    Microsoft.Bcl (1.1.10)
      Microsoft.Bcl.Build (>= 1.0.14)
    Microsoft.Bcl.Build (1.0.21)
    Microsoft.Net.Http (2.2.29)
      Microsoft.Bcl (>= 1.1.10)
      Microsoft.Bcl.Build (>= 1.0.14)
    NUnit (2.6.4)
    NUnit.Runners (2.6.4)
    Octokit (0.13.0)
      Microsoft.Net.Http
    SourceLink.Fake (0.5.0)
GITHUB
  remote: fsharp/FAKE
  specs:
    modules/Octokit/Octokit.fsx (52ee2053781c7106766d2b23686344f70dc11483)
      Octokit